GEM
  remote: http://rubygems.org/
  specs:
    rack (1.3.0)
    rack-cache (1.0.2)
      rack (>= 0.4)
    rack-proxy (0.3.4)
      rack

PLATFORMS
  ruby

DEPENDENCIES
  rack
  rack-cache
  rack-proxy
